{
	"Modality": "MR",
	"MagneticFieldStrength": 3,
	"ImagingFrequency": 123.195,
	"Manufacturer": "Siemens",
	"ManufacturersModelName": "Prisma",
	"InstitutionName": "Research Center of Neurology",
	"InstitutionalDepartmentName": "Department",
	"InstitutionAddress": "Volokolamskoe sh. 80,Moscow,District,RU,125367",
	"DeviceSerialNumber": "166194",
	"StationName": "AWP166194",
	"BodyPartExamined": "BRAIN",
	"PatientPosition": "HFS",
	"ProcedureStepDescription": "Head^Brain",
	"SoftwareVersions": "syngo MR E11",
	"MRAcquisitionType": "2D",
	"SeriesDescription": "2_ep2d_bold_2mmiso_TR2000_NoSugar",
	"ProtocolName": "2_ep2d_bold_2mmiso_TR2000_NoSugar",
	"ScanningSequence": "EP",
	"SequenceVariant": "SK",
	"ScanOptions": "FS",
	"SequenceName": "*epfid2d1_94",
	"ImageType": ["ORIGINAL", "PRIMARY", "M", "ND", "NORM", "MOSAIC"],
	"NonlinearGradientCorrection": false,
	"SeriesNumber": 7,
	"AcquisitionTime": "13:45:12.110000",
	"AcquisitionNumber": 1,
	"SliceThickness": 2,
	"SpacingBetweenSlices": 2.5,
	"SAR": 0.174361,
	"EchoTime": 0.021,
	"RepetitionTime": 2,
	"FlipAngle": 90,
	"PartialFourier": 1,
	"BaseResolution": 94,
	"ShimSetting": [
		5489,
		-3221,
		4049,
		421,
		70,
		198,
		-2,
		71	],
	"TxRefAmp": 308.159,
	"PhaseResolution": 1,
	"ReceiveCoilName": "HeadNeck_20",
	"ReceiveCoilActiveElements": "HE1-4;NE1,2",
	"PulseSequenceDetails": "%SiemensSeq%\\ep2d_bold",
	"RefLinesPE": 36,
	"CoilCombinationMethod": "Sum of Squares",
	"ConsistencyInfo": "N4_VE11C_LATEST_20160120",
	"MatrixCoilMode": "GRAPPA",
	"PercentPhaseFOV": 100,
	"PercentSampling": 100,
	"EchoTrainLength": 31,
	"PhaseEncodingSteps": 93,
	"AcquisitionMatrixPE": 94,
	"ReconMatrixPE": 94,
	"BandwidthPerPixelPhaseEncode": 55.991,
	"ParallelReductionFactorInPlane": 3,
	"EffectiveEchoSpacing": 0.00019,
	"DerivedVendorReportedEchoSpacing": 0.00057,
	"TotalReadoutTime": 0.01767,
	"PixelBandwidth": 2130,
	"DwellTime": 2.5e-06,
	"PhaseEncodingDirection": "j-",
	"SliceTiming": [
		0.99,
		0,
		1.035,
		0.045,
		1.08,
		0.09,
		1.125,
		0.135,
		1.17,
		0.18,
		1.215,
		0.225,
		1.26,
		0.27,
		1.305,
		0.315,
		1.35,
		0.36,
		1.395,
		0.405,
		1.44,
		0.45,
		1.485,
		0.495,
		1.53,
		0.54,
		1.575,
		0.585,
		1.62,
		0.63,
		1.665,
		0.675,
		1.71,
		0.72,
		1.755,
		0.765,
		1.8,
		0.81,
		1.845,
		0.855,
		1.89,
		0.9,
		1.935,
		0.945	],
	"ImageOrientationPatientDICOM": [
		0.999334,
		-0.00889532,
		0.0354006,
		0.0122098,
		0.995446,
		-0.0945423	],
	"ImageOrientationText": "Tra>Cor(-5.4)>Sag(2.0)",
	"InPlanePhaseEncodingDirectionDICOM": "COL",
	"ConversionSoftware": "dcm2niix",
	"ConversionSoftwareVersion": "v1.0.20220720"
}
