{
	"Modality": "MR",
	"MagneticFieldStrength": 3,
	"ImagingFrequency": 123.195,
	"Manufacturer": "Siemens",
	"ManufacturersModelName": "Prisma",
	"InstitutionName": "Research Center of Neurology",
	"InstitutionalDepartmentName": "Department",
	"InstitutionAddress": "Volokolamskoe sh. 80,Moscow,District,RU,125367",
	"DeviceSerialNumber": "166194",
	"StationName": "AWP166194",
	"BodyPartExamined": "BRAIN",
	"PatientPosition": "HFS",
	"ProcedureStepDescription": "Head^Brain",
	"SoftwareVersions": "syngo MR E11",
	"MRAcquisitionType": "2D",
	"SeriesDescription": "2_ep2d_bold_2mmiso_TR2000_NoSugar",
	"ProtocolName": "2_ep2d_bold_2mmiso_TR2000_NoSugar",
	"ScanningSequence": "EP",
	"SequenceVariant": "SK",
	"ScanOptions": "FS",
	"SequenceName": "*epfid2d1_94",
	"ImageType": ["ORIGINAL", "PRIMARY", "M", "ND", "NORM", "MOSAIC"],
	"NonlinearGradientCorrection": false,
	"SeriesNumber": 7,
	"AcquisitionTime": "10:46:19.755000",
	"AcquisitionNumber": 1,
	"SliceThickness": 2,
	"SpacingBetweenSlices": 2.5,
	"SAR": 0.117409,
	"EchoTime": 0.021,
	"RepetitionTime": 2,
	"FlipAngle": 90,
	"PartialFourier": 1,
	"BaseResolution": 94,
	"ShimSetting": [
		5443,
		-3279,
		3872,
		442,
		-5,
		131,
		20,
		91	],
	"TxRefAmp": 246.967,
	"PhaseResolution": 1,
	"ReceiveCoilName": "HeadNeck_20",
	"ReceiveCoilActiveElements": "HE1-4;NE1,2",
	"PulseSequenceDetails": "%SiemensSeq%\\ep2d_bold",
	"RefLinesPE": 36,
	"CoilCombinationMethod": "Sum of Squares",
	"ConsistencyInfo": "N4_VE11C_LATEST_20160120",
	"MatrixCoilMode": "GRAPPA",
	"PercentPhaseFOV": 100,
	"PercentSampling": 100,
	"EchoTrainLength": 31,
	"PhaseEncodingSteps": 93,
	"AcquisitionMatrixPE": 94,
	"ReconMatrixPE": 94,
	"BandwidthPerPixelPhaseEncode": 55.991,
	"ParallelReductionFactorInPlane": 3,
	"EffectiveEchoSpacing": 0.00019,
	"DerivedVendorReportedEchoSpacing": 0.00057,
	"TotalReadoutTime": 0.01767,
	"PixelBandwidth": 2130,
	"DwellTime": 2.5e-06,
	"PhaseEncodingDirection": "j-",
	"SliceTiming": [
		0.99,
		0,
		1.035,
		0.045,
		1.08,
		0.09,
		1.1225,
		0.135,
		1.1675,
		0.18,
		1.2125,
		0.225,
		1.2575,
		0.27,
		1.3025,
		0.315,
		1.3475,
		0.36,
		1.3925,
		0.405,
		1.4375,
		0.45,
		1.4825,
		0.495,
		1.5275,
		0.54,
		1.5725,
		0.585,
		1.6175,
		0.63,
		1.6625,
		0.675,
		1.7075,
		0.72,
		1.7525,
		0.765,
		1.7975,
		0.81,
		1.8425,
		0.855,
		1.8875,
		0.9,
		1.9325,
		0.945	],
	"ImageOrientationPatientDICOM": [
		0.997336,
		0.0641958,
		-0.0346476,
		-0.0627471,
		0.997171,
		0.0413969	],
	"ImageOrientationText": "Tra>Cor(2.2)>Sag(-2.1)",
	"InPlanePhaseEncodingDirectionDICOM": "COL",
	"ConversionSoftware": "dcm2niix",
	"ConversionSoftwareVersion": "v1.0.20220720"
}
